GEM
  remote: https://rubygems.org/
  specs:
    puma (2.12.2)
    rack (1.3.2)

PLATFORMS
  ruby

DEPENDENCIES
  puma
  rack
